GEM
  remote: https://rubygems.org/
  specs:
    axiom-types (0.1.1)
      descendants_tracker (~> 0.0.4)
      ice_nine (~> 0.11.0)
      thread_safe (~> 0.3, >= 0.3.1)
    coercible (1.0.0)
      descendants_tracker (~> 0.0.1)
    descendants_tracker (0.0.4)
      thread_safe (~> 0.3, >= 0.3.1)
    excon (0.93.1)
    ice_nine (0.11.2)
    telegram_bot (0.0.8)
      excon (>= 0.30.0)
      virtus (>= 1.0.0)
    thread_safe (0.3.6)
    virtus (2.0.0)
      axiom-types (~> 0.1)
      coercible (~> 1.0)
      descendants_tracker (~> 0.0, >= 0.0.3)

PLATFORMS
  x86_64-linux

DEPENDENCIES
  telegram_bot

BUNDLED WITH
   2.3.19
